GIT
  remote: git://github.com/nex3/haml.git
  revision: 87c0810609d3aa5b4200a7074831146d1345f4d1
  specs:
    haml (3.1.0.alpha.0)

GIT
  remote: git://github.com/nex3/sass.git
  revision: 3ee1e35e2dfa2c1f5c2a24ca5cc807700d249ced
  specs:
    sass (3.1.0.alpha.0)

GIT
  remote: git://github.com/rack/rack.git
  revision: 812ac75b327c9f3d6ff5074def9721bf6f19e1de
  specs:
    rack (1.2.1)

GIT
  remote: git://github.com/rails/arel.git
  revision: dae7a245f8ec9f8eb5d9866938ea46ed7c88dcf1
  specs:
    arel (2.0.7.beta.20110105143137)

GIT
  remote: git://github.com/rails/rails.git
  revision: 199d1abeb2908a48b161f7ae3be6a0b078619a40
  specs:
    actionmailer (3.1.0.beta)
      actionpack (= 3.1.0.beta)
      mail (~> 2.2.9)
    actionpack (3.1.0.beta)
      activemodel (= 3.1.0.beta)
      activesupport (= 3.1.0.beta)
      builder (~> 3.0.0)
      erubis (~> 2.6.6)
      i18n (~> 0.5.0)
      rack (~> 1.2.1)
      rack-cache (~> 1.0.0)
      rack-mount (~> 0.6.13)
      rack-test (~> 0.5.7)
      tzinfo (~> 0.3.23)
    activemodel (3.1.0.beta)
      activesupport (= 3.1.0.beta)
      bcrypt-ruby (~> 2.1.4)
      builder (~> 3.0.0)
      i18n (~> 0.5.0)
    activerecord (3.1.0.beta)
      activemodel (= 3.1.0.beta)
      activesupport (= 3.1.0.beta)
      arel (~> 2.0.2)
      tzinfo (~> 0.3.23)
    activeresource (3.1.0.beta)
      activemodel (= 3.1.0.beta)
      activesupport (= 3.1.0.beta)
    activesupport (3.1.0.beta)
    rails (3.1.0.beta)
      actionmailer (= 3.1.0.beta)
      actionpack (= 3.1.0.beta)
      activerecord (= 3.1.0.beta)
      activeresource (= 3.1.0.beta)
      activesupport (= 3.1.0.beta)
      bundler (~> 1.0)
      railties (= 3.1.0.beta)
    railties (3.1.0.beta)
      actionpack (= 3.1.0.beta)
      activesupport (= 3.1.0.beta)
      rake (>= 0.8.7)
      thor (~> 0.14.4)

GIT
  remote: git://github.com/rtomayko/rack-cache.git
  revision: a5f08b4490aa1a672757ef0f123b6b42247d004b
  specs:
    rack-cache (1.0)
      rack (>= 0.4)

GEM
  remote: http://rubygems.org/
  specs:
    abstract (1.0.0)
    bcrypt-ruby (2.1.4)
    builder (3.0.0)
    erubis (2.6.6)
      abstract (>= 1.0.0)
    i18n (0.5.0)
    mail (2.2.14)
      activesupport (>= 2.3.6)
      i18n (>= 0.4.0)
      mime-types (~> 1.16)
      treetop (~> 1.4.8)
    mime-types (1.16)
    polyglot (0.3.1)
    rack-mount (0.6.13)
      rack (>= 1.0.0)
    rack-test (0.5.7)
      rack (>= 1.0)
    rake (0.8.7)
    sqlite3 (1.3.3)
    sqlite3-ruby (1.3.3)
      sqlite3 (>= 1.3.3)
    thor (0.14.6)
    treetop (1.4.9)
      polyglot (>= 0.3.1)
    tzinfo (0.3.24)

PLATFORMS
  ruby

DEPENDENCIES
  arel!
  haml!
  rack!
  rack-cache!
  rails!
  sass!
  sqlite3-ruby
